GIT
  remote: git://github.com/wycats/rust-bridge.git
  revision: 02d28285a499bd82a2c8a5f65810d46a35dbaf69
  branch: master
  specs:
    rust-bridge (0.1.0)

GEM
  remote: https://rubygems.org/
  specs:
    rack (1.6.0)

PLATFORMS
  ruby

DEPENDENCIES
  rack
  rust-bridge!
